GEM
  remote: http://rubygems.org/
  specs:
    coderay (1.1.0)
    method_source (0.8.2)
    pry (0.10.1-x64-mingw32)
      coderay (~> 1.1.0)
      method_source (~> 0.8.1)
      slop (~> 3.4)
      win32console (~> 1.3)
    slop (3.4.0)
    win32console (1.3.2)

PLATFORMS
  x64-mingw32

DEPENDENCIES
  pry (>= 0.10.1)
  slop (= 3.4)
